GEM
  remote: https://rubygems.org/
  specs:
    faraday (0.8.8)
      multipart-post (~> 1.2.0)
    faraday_middleware (0.9.0)
      faraday (>= 0.7.4, < 0.9)
    hyperclient (0.3.1)
      faraday (~> 0.8)
      faraday_middleware (~> 0.9)
      net-http-digest_auth (~> 1.2)
      uri_template (~> 0.5)
    multipart-post (1.2.0)
    net-http-digest_auth (1.4)
    uri_template (0.5.3)

PLATFORMS
  ruby

DEPENDENCIES
  hyperclient
